GEM
  remote: https://rubygems.org/
  specs:
    addressable (2.8.0)
      public_suffix (>= 2.0.2, < 5.0)
    bikes (0.0.3)
      hashie (~> 4.1, >= 4.1.0)
      httparty (~> 0.18, >= 0.13.1)
      json (~> 2.5, >= 2.5.1)
    crack (0.4.5)
      rexml
    daemons (1.4.0)
    docile (1.4.0)
    eventmachine (1.2.7)
    hashdiff (1.0.1)
    hashie (4.1.0)
    httmultiparty (0.3.16)
      httparty (>= 0.7.3)
      mimemagic
      multipart-post
    httparty (0.18.1)
      mime-types (~> 3.0)
      multi_xml (>= 0.5.2)
    json (2.5.1)
    mime-types (3.3.1)
      mime-types-data (~> 3.2015)
    mime-types-data (3.2021.0704)
    mimemagic (0.4.3)
      nokogiri (~> 1)
      rake
    mini_portile2 (2.6.1)
    minitest (5.14.4)
    multi_xml (0.6.0)
    multipart-post (2.1.1)
    mustermann (1.1.1)
      ruby2_keywords (~> 0.0.1)
    nokogiri (1.12.5)
      mini_portile2 (~> 2.6.1)
      racc (~> 1.4)
    public_suffix (4.0.6)
    racc (1.5.2)
    rack (2.2.3)
    rack-protection (2.1.0)
      rack
    rack-test (1.1.0)
      rack (>= 1.0, < 3)
    rake (13.0.6)
    rexml (3.2.5)
    ruby2_keywords (0.0.5)
    simplecov (0.21.2)
      docile (~> 1.1)
      simplecov-html (~> 0.11)
      simplecov_json_formatter (~> 0.1)
    simplecov-html (0.12.3)
    simplecov_json_formatter (0.1.3)
    sinatra (2.1.0)
      mustermann (~> 1.0)
      rack (~> 2.2)
      rack-protection (= 2.1.0)
      tilt (~> 2.0)
    slackbotsy (0.4.3)
      httmultiparty
      sinatra
    thin (1.8.1)
      daemons (~> 1.0, >= 1.0.9)
      eventmachine (~> 1.0, >= 1.0.4)
      rack (>= 1, < 3)
    tilt (2.0.10)
    webmock (3.13.0)
      addressable (>= 2.3.6)
      crack (>= 0.3.2)
      hashdiff (>= 0.4.0, < 2.0.0)

PLATFORMS
  ruby

DEPENDENCIES
  bikes (>= 0.0.3)
  minitest (~> 5.14, >= 5.14.4)
  rack-test (~> 1.1, >= 1.1.0)
  rake (~> 13.0, >= 13.0.6)
  simplecov (~> 0.21, >= 0.21.2)
  sinatra (~> 2.1, >= 2.1.0)
  slackbotsy (~> 0.4, >= 0.4.3)
  thin (~> 1.8, >= 1.8.1)
  webmock (~> 3.13, >= 3.13.0)

BUNDLED WITH
   2.2.22
