GEM
  remote: https://rubygems.org/
  specs:
    addressable (2.3.6)
    coveralls (0.7.1)
      multi_json (~> 1.3)
      rest-client
      simplecov (>= 0.7)
      term-ansicolor
      thor
    crack (0.4.2)
      safe_yaml (~> 1.0.0)
    daemons (1.1.9)
    docile (1.1.5)
    eventmachine (1.0.3)
    json (1.8.1)
    mime-types (2.4.1)
    minitest (5.4.2)
    multi_json (1.10.1)
    netrc (0.7.7)
    rack (1.5.2)
    rack-protection (1.5.3)
      rack
    rack-test (0.6.2)
      rack (>= 1.0)
    rake (10.3.2)
    rest-client (1.7.2)
      mime-types (>= 1.16, < 3.0)
      netrc (~> 0.7)
    safe_yaml (1.0.4)
    simplecov (0.9.1)
      docile (~> 1.1.0)
      multi_json (~> 1.0)
      simplecov-html (~> 0.8.0)
    simplecov-html (0.8.0)
    sinatra (1.4.5)
      rack (~> 1.4)
      rack-protection (~> 1.4)
      tilt (~> 1.3, >= 1.3.4)
    slackbotsy (0.2.1)
      json
      sinatra
    term-ansicolor (1.3.0)
      tins (~> 1.0)
    thin (1.6.3)
      daemons (~> 1.0, >= 1.0.9)
      eventmachine (~> 1.0)
      rack (~> 1.0)
    thor (0.19.1)
    tilt (1.4.1)
    tins (1.3.3)
    webmock (1.19.0)
      addressable (>= 2.3.6)
      crack (>= 0.3.2)

PLATFORMS
  ruby

DEPENDENCIES
  coveralls (~> 0.7, >= 0.7.1)
  minitest (~> 5.4, >= 5.4.2)
  rack-test (~> 0.6, >= 0.6.2)
  rake (~> 10.3, >= 10.3.2)
  simplecov (~> 0.9, >= 0.9.1)
  sinatra (~> 1.4, >= 1.4.4)
  slackbotsy (~> 0.2, >= 0.2.1)
  thin (~> 1.6, >= 1.6.3)
  webmock (~> 1.19, >= 1.19.0)
